GIT
  remote: git://github.com/ONSdigital/ons_data_models.git
  revision: 82eaf88a8b3e64bd8cd34178e43ab8b3db4634ef
  specs:
    ons_data_models (0.0.1)
      mime-types (~> 1.16)
      mongoid (~> 3.1)

GEM
  remote: https://rubygems.org/
  specs:
    activemodel (3.2.17)
      activesupport (= 3.2.17)
      builder (~> 3.0.0)
    activesupport (3.2.17)
      i18n (~> 0.6, >= 0.6.4)
      multi_json (~> 1.0)
    builder (3.0.4)
    coderay (1.1.0)
    hpricot (0.8.6)
    i18n (0.6.9)
    json (1.8.1)
    method_source (0.8.2)
    mime-types (1.25.1)
    mini_portile (0.5.2)
    mongoid (3.1.6)
      activemodel (~> 3.2)
      moped (~> 1.4)
      origin (~> 1.0)
      tzinfo (~> 0.3.29)
    moped (1.5.2)
    multi_json (1.9.2)
    nokogiri (1.6.1)
      mini_portile (~> 0.5.0)
    origin (1.1.0)
    pry (0.9.12.6)
      coderay (~> 1.0)
      method_source (~> 0.8)
      slop (~> 3.4)
    rake (10.1.0)
    roo (1.13.2)
      nokogiri
      rubyzip
      spreadsheet (> 0.6.4)
    ruby-ole (1.2.11.7)
    rubyzip (1.1.0)
    slop (3.5.0)
    spreadsheet (0.9.7)
      ruby-ole (>= 1.0)
    tzinfo (0.3.39)

PLATFORMS
  ruby

DEPENDENCIES
  hpricot
  json
  ons_data_models!
  pry
  rake
  roo
